GEM
  remote: https://rubygems.org/
  specs:
    polyglot (0.3.5)
    treetop (1.6.14)
      polyglot (~> 0.3)

PLATFORMS
  x64-mingw-ucrt

DEPENDENCIES
  treetop

BUNDLED WITH
   2.5.22
